GEM
  remote: http://rubygems.org/
  specs:
    diff-lcs (1.1.3)
    equivalent-xml (0.3.0)
      nokogiri (>= 1.4.3)
    git (1.2.5)
    jeweler (1.8.4)
      bundler (~> 1.0)
      git (>= 1.2.5)
      rake
      rdoc
    json (1.7.6)
    nokogiri (1.5.5)
    nokogiri-diff (0.1.2)
      nokogiri (~> 1.5)
      tdiff (~> 0.3, >= 0.3.2)
    pdfkit (0.5.0)
    rake (10.0.3)
    rdoc (3.12)
      json (~> 1.4)
    rspec (2.12.0)
      rspec-core (~> 2.12.0)
      rspec-expectations (~> 2.12.0)
      rspec-mocks (~> 2.12.0)
    rspec-core (2.12.2)
    rspec-expectations (2.12.1)
      diff-lcs (~> 1.1.3)
    rspec-mocks (2.12.2)
    ruby-xslt (0.9.9)
    sass (3.2.5)
    tdiff (0.3.3)

PLATFORMS
  ruby

DEPENDENCIES
  bundler
  equivalent-xml
  jeweler
  nokogiri
  nokogiri-diff
  pdfkit (= 0.5.0)
  rdoc
  rspec
  ruby-xslt
  sass
